GIT
  remote: https://github.com/gitlabhq/grit.git
  revision: 42297cdcee16284d2e4eff23d41377f52fc28b9d
  ref: 42297cdcee16284d2e4eff23d41377f52fc28b9d
  specs:
    grit (2.5.0)
      diff-lcs (~> 1.1)
      mime-types (~> 1.15)
      posix-spawn (~> 0.3.6)

GIT
  remote: https://github.com/gollum/gollum.git
  revision: f44367c31baac5c154888a9e09b2833fa62e1c61
  specs:
    gollum (4.1.4)
      gemojione (~> 3.2)
      gollum-lib (~> 4.2, >= 4.2.10)
      kramdown (~> 1.9.0)
      mustache (>= 0.99.5, < 1.0.0)
      sinatra (~> 1.4, >= 1.4.4)
      useragent (~> 0.16.2)

GEM
  remote: http://rubygems.org/
  specs:
    charlock_holmes (0.7.6)
    diff-lcs (1.3)
    gemojione (3.3.0)
      json
    github-markup (1.7.0)
    gitlab-grit (2.8.2)
      charlock_holmes (~> 0.6)
      diff-lcs (~> 1.1)
      mime-types (>= 1.16)
      posix-spawn (~> 0.3)
    gollum-grit_adapter (1.0.1)
      gitlab-grit (~> 2.7, >= 2.7.1)
    gollum-lib (4.2.10)
      gemojione (~> 3.2)
      github-markup (~> 1.6)
      gollum-grit_adapter (~> 1.0)
      nokogiri (>= 1.6.1, < 2.0)
      rouge (~> 2.1)
      sanitize (~> 2.1.1, >= 2.1.1)
      stringex (~> 2.6)
      twitter-text (= 1.14.7)
    json (2.2.0)
    kramdown (1.9.0)
    mime-types (1.25.1)
    mini_portile2 (2.4.0)
    mustache (0.99.8)
    nokogiri (1.10.3)
      mini_portile2 (~> 2.4.0)
    posix-spawn (0.3.13)
    rack (1.6.11)
    rack-protection (1.5.5)
      rack
    redcarpet (3.4.0)
    rouge (2.2.1)
    sanitize (2.1.1)
      nokogiri (>= 1.4.4)
    sinatra (1.4.8)
      rack (~> 1.5)
      rack-protection (~> 1.4)
      tilt (>= 1.3, < 3)
    stringex (2.8.5)
    tilt (2.0.9)
    twitter-text (1.14.7)
      unf (~> 0.1.0)
    unf (0.1.4)
      unf_ext
    unf_ext (0.0.7.6)
    useragent (0.16.10)

PLATFORMS
  ruby

DEPENDENCIES
  gollum!
  grit (~> 2.5.0)!
  redcarpet

BUNDLED WITH
   2.0.1
